PATH
  remote: .
  specs:
    json_model (0.0.3)
      activesupport (~> 3.0.0)

GEM
  remote: http://rubygems.org/
  specs:
    activesupport (3.0.0)
    rake (0.8.7)
    rspec (1.3.0)

PLATFORMS
  ruby

DEPENDENCIES
  activesupport (= 3.0.0)
  json_model!
  rake
  rspec (= 1.3.0)
