PATH
  remote: .
  specs:
    json_model (0.0.3)
      activesupport (~> 3.2.0)

GEM
  remote: http://rubygems.org/
  specs:
    activemodel (3.2.13)
      activesupport (= 3.2.13)
      builder (~> 3.0.0)
    activesupport (3.2.13)
      i18n (= 0.6.1)
      multi_json (~> 1.0)
    builder (3.0.4)
    i18n (0.6.1)
    multi_json (1.7.7)
    rake (10.1.0)
    rspec (1.3.0)

PLATFORMS
  ruby

DEPENDENCIES
  activemodel
  activesupport
  json_model!
  rake
  rspec (= 1.3.0)
